GEM
  remote: https://rubygems.org/
  specs:
    aws-eventstream (1.0.3)
    aws-sdk (2.11.439)
      aws-sdk-resources (= 2.11.439)
    aws-sdk-core (2.11.439)
      aws-sigv4 (~> 1.0)
      jmespath (~> 1.0)
    aws-sdk-resources (2.11.439)
      aws-sdk-core (= 2.11.439)
    aws-sigv4 (1.1.0)
      aws-eventstream (~> 1.0, >= 1.0.2)
    dotenv (2.7.5)
    dotenv-heroku (0.0.1)
      rake
    gem_config (0.3.2)
    jmespath (1.4.0)
    mini_portile2 (2.8.0)
    nokogiri (1.13.6)
      mini_portile2 (~> 2.8.0)
      racc (~> 1.4)
    racc (1.6.0)
    rake (12.3.3)
    rollbar (2.23.2)
    tries (0.3.2)
      gem_config (~> 0.2)

PLATFORMS
  ruby

DEPENDENCIES
  aws-sdk (~> 2.9)
  dotenv (~> 2.2)
  dotenv-heroku (~> 0.0)
  nokogiri (~> 1.13)
  rake (~> 12.0)
  rollbar (~> 2.14)
  tries (~> 0.3)

RUBY VERSION
   ruby 2.7.1p83

BUNDLED WITH
   1.17.3
